GEM
  remote: https://rubygems.org/
  specs:
    CFPropertyList (2.2.8)
    activemodel (4.2.1)
      activesupport (= 4.2.1)
      builder (~> 3.1)
    activesupport (4.2.1)
      i18n (~> 0.7)
      json (~> 1.7, >= 1.7.7)
      minitest (~> 5.1)
      thread_safe (~> 0.3, >= 0.3.4)
      tzinfo (~> 1.1)
    builder (3.2.2)
    facter (2.4.4)
      CFPropertyList (~> 2.2.6)
    faraday (0.9.1)
      multipart-post (>= 1.2, < 3)
    her (0.7.5)
      activemodel (>= 3.0.0, <= 4.2.1)
      activesupport (>= 3.0.0, <= 4.2.1)
      faraday (>= 0.8, < 1.0)
      multi_json (~> 1.7)
    hiera (1.3.4)
      json_pure
    i18n (0.7.0)
    json (1.8.3)
    json_pure (1.8.2)
    librarian-puppet (2.2.0)
      librarianp (>= 0.6.3)
      puppet_forge (~> 1.0)
      rsync
    librarianp (0.6.3)
      thor (~> 0.15)
    minitest (5.7.0)
    multi_json (1.11.1)
    multipart-post (2.0.0)
    puppet (3.8.1)
      facter (> 1.6, < 3)
      hiera (~> 1.0)
      json_pure
    puppet-lint (1.1.0)
    puppet_forge (1.0.4)
      her (~> 0.6)
    rsync (1.0.9)
    thor (0.19.1)
    thread_safe (0.3.5)
    tzinfo (1.2.2)
      thread_safe (~> 0.1)

PLATFORMS
  ruby

DEPENDENCIES
  librarian-puppet (~> 2.2.0)
  puppet (~> 3.8.1)
  puppet-lint (~> 1.1.0)

BUNDLED WITH
   1.10.3
